GEM
  remote: http://rubygems.org/
  specs:
    random (0.2.1)

PLATFORMS
  ruby

DEPENDENCIES
  random
